PATH
  remote: .
  specs:
    ctdb (1.10.0)

GEM
  remote: http://rubygems.org/
  specs:
    ansi (1.4.2)
    ffi (1.0.11)
    guard (1.0.1)
      ffi (>= 0.5.0)
      thor (~> 0.14.6)
    guard-shell (0.4.0)
      guard (>= 0.2.0)
    minitest (3.0.1)
    rake (0.9.2.2)
    rake-compiler (0.8.0)
      rake
    redcarpet (2.1.1)
    thor (0.14.6)
    turn (0.9.4)
      ansi
    yard (0.8.1)

PLATFORMS
  ruby

DEPENDENCIES
  ctdb!
  guard
  guard-shell
  minitest
  rake
  rake-compiler
  redcarpet
  turn
  yard
