PATH
  remote: .
  specs:
    ctree (1.0.0)

GEM
  remote: http://rubygems.org/
  specs:
    ansi (1.4.2)
    ffi (1.0.11)
    guard (1.0.1)
      ffi (>= 0.5.0)
      thor (~> 0.14.6)
    rake (0.9.2.2)
    rake-compiler (0.8.0)
      rake
    thor (0.14.6)
    turn (0.9.4)
      ansi

PLATFORMS
  ruby

DEPENDENCIES
  ctree!
  guard
  rake
  rake-compiler
  turn
